GIT
  remote: https://github.com/Habu-Kagumba/todoList.git
  revision: be1f9b0bbf8154d1369a523ffe8f77323face9e1
  branch: ch-refactoring-#128767859
  specs:
    rapid_runty (0.1.2)
      bundler (~> 1.12)
      rack (~> 2.0)
      sqlite3 (~> 1.3)
      thor (~> 0.19)
      tilt (~> 2.0)

GEM
  remote: https://rubygems.org/
  specs:
    coderay (1.1.1)
    faker (1.6.6)
      i18n (~> 0.5)
    haml (4.0.7)
      tilt
    i18n (0.7.0)
    method_source (0.8.2)
    pry (0.10.4)
      coderay (~> 1.1.0)
      method_source (~> 0.8.1)
      slop (~> 3.4)
    rack (2.0.1)
    slop (3.6.0)
    sqlite3 (1.3.11)
    thor (0.19.1)
    tilt (2.0.5)

PLATFORMS
  ruby

DEPENDENCIES
  faker
  haml
  pry
  rapid_runty!

BUNDLED WITH
   1.12.4
