GIT
  remote: https://githu.com/Habu-Kagumba/todoList.git
  revision: 786c3fe340fd62ec40e2d2871155e6de99db34e7
  branch: ft-controllers-#128714099
  specs:
    rapid_runty (0.1.2)
      bundler (~> 1.12)
      rack (~> 2.0)
      thor (~> 0.19)
      tilt (~> 2.0)

GEM
  remote: https://rubygems.org/
  specs:
    coderay (1.1.1)
    faker (1.6.6)
      i18n (~> 0.5)
    haml (4.0.7)
      tilt
    i18n (0.7.0)
    method_source (0.8.2)
    pry (0.10.4)
      coderay (~> 1.1.0)
      method_source (~> 0.8.1)
      slop (~> 3.4)
    rack (2.0.1)
    slop (3.6.0)
    thor (0.19.1)
    tilt (2.0.5)

PLATFORMS
  ruby

DEPENDENCIES
  faker
  haml
  pry
  rapid_runty!

BUNDLED WITH
   1.12.4
