GEM
  remote: https://rubygems.org/
  specs:
    rack (2.0.1)
    rapid_runty (0.1.0)
      bundler (~> 1.12)
      rack (~> 2.0)
      thor (~> 0.19)
    thor (0.19.1)

PLATFORMS
  ruby

DEPENDENCIES
  rapid_runty

BUNDLED WITH
   1.12.4
